PATH
  remote: .
  specs:
    rabbit_feed (0.0.1)

GEM
  remote: https://rubygems.org/
  specs:

PLATFORMS
  ruby

DEPENDENCIES
  rabbit_feed!

BUNDLED WITH
   1.10.4
