PATH
  remote: .
  specs:
    utorrent-webapi-ruby (0.0.1)
      nokogiri

GEM
  remote: https://rubygems.org/
  specs:
    mini_portile2 (2.0.0)
    nokogiri (1.6.7.2)
      mini_portile2 (~> 2.0.0.rc2)

PLATFORMS
  ruby

DEPENDENCIES
  utorrent-webapi-ruby!

BUNDLED WITH
   1.10.4
